GEM
  specs:
    coderay (1.1.1)
    highline (1.7.8)
    json (1.8.5)
    method_source (0.8.2)
    mini_portile2 (2.1.0)
    nokogiri (1.6.8)
      mini_portile2 (~> 2.1.0)
      pkg-config (~> 1.1.7)
    options (2.3.2)
    pkg-config (1.1.7)
    progress_bar (1.3.1)
      highline (>= 1.6, < 3)
      options (~> 2.3.0)
    pry (0.10.4)
      coderay (~> 1.1.0)
      method_source (~> 0.8.1)
      slop (~> 3.4)
    slop (3.6.0)

PLATFORMS
  ruby

DEPENDENCIES
  json
  nokogiri
  progress_bar
  pry

BUNDLED WITH
   1.13.1
