GEM
  specs:
    builder (3.2.3)
    coderay (1.1.1)
    json (1.8.5)
    lemmatizer (0.2.2)
    method_source (0.8.2)
    mini_portile2 (2.1.0)
    nokogiri (1.6.8)
      mini_portile2 (~> 2.1.0)
      pkg-config (~> 1.1.7)
    parallel (1.9.0)
    pkg-config (1.1.7)
    pry (0.10.4)
      coderay (~> 1.1.0)
      method_source (~> 0.8.1)
      slop (~> 3.4)
    ruby-progressbar (1.8.1)
    slop (3.6.0)
    stemmify (0.0.2)

PLATFORMS
  ruby

DEPENDENCIES
  builder
  json
  lemmatizer
  nokogiri
  parallel
  pry
  ruby-progressbar
  stemmify

BUNDLED WITH
   1.13.1
